GEM
  remote: http://rubygems.org/
  specs:
    addressable (2.2.6)
    git (1.2.5)
    jeweler (1.5.2)
      bundler (~> 1.0.0)
      git (>= 1.2.5)
      rake
    nokogiri (1.4.4)
    rack (1.2.2)
    rack-test (0.6.0)
      rack (>= 1.0)
    rake (0.8.7)
    rcov (0.9.9)
    redis (2.2.0)
    riot (0.12.3)
      rr
    rr (1.0.2)
    sinatra (1.2.6)
      rack (~> 1.1)
      tilt (>= 1.2.2, < 2.0)
    tilt (1.3)

PLATFORMS
  ruby

DEPENDENCIES
  addressable
  bundler (~> 1.0.0)
  jeweler (~> 1.5.2)
  nokogiri
  rack-test
  rcov
  redis
  riot
  sinatra
