GEM
  remote: http://rubygems.org/
  specs:
    escape_utils (0.1.9)
    nokogiri (1.4.3.1)
    rack (1.2.1)
    rack-test (0.5.6)
      rack (>= 1.0)
    riot (0.12.0)
      rr
      term-ansicolor
    rr (1.0.0)
    sinatra (1.1.0)
      rack (~> 1.1)
      tilt (~> 1.1)
    slim (0.7.0)
      escape_utils (>= 0.1.9)
      temple (~> 0.1.3)
      tilt (~> 1.1)
    temple (0.1.3)
    term-ansicolor (1.0.5)
    tilt (1.1)

PLATFORMS
  ruby

DEPENDENCIES
  nokogiri
  rack-test
  riot
  sinatra
  slim
