GEM
  remote: http://rubygems.org/
  specs:
    addressable (2.2.4)
    git (1.2.5)
    jeweler (1.5.2)
      bundler (~> 1.0.0)
      git (>= 1.2.5)
      rake
    nokogiri (1.4.4)
    rack (1.2.1)
    rack-test (0.5.7)
      rack (>= 1.0)
    rake (0.8.7)
    rcov (0.9.9)
    riot (0.12.1)
      rr
      term-ansicolor
    rr (1.0.2)
    sinatra (1.1.2)
      rack (~> 1.1)
      tilt (~> 1.2)
    term-ansicolor (1.0.5)
    tilt (1.2.2)

PLATFORMS
  ruby

DEPENDENCIES
  addressable
  bundler (~> 1.0.0)
  jeweler (~> 1.5.2)
  nokogiri
  rack-test
  rcov
  riot
  sinatra
